PATH
  remote: .
  specs:
    sidekiq-cloudwatchmetrics (1.2.0)
      aws-sdk-cloudwatch (~> 1.6)
      nokogiri (~> 1.11)
      sidekiq (>= 5.0, < 6.2)

GEM
  remote: https://rubygems.org/
  specs:
    aws-eventstream (1.1.0)
    aws-partitions (1.418.0)
    aws-sdk-cloudwatch (1.47.0)
      aws-sdk-core (~> 3, >= 3.109.0)
      aws-sigv4 (~> 1.1)
    aws-sdk-core (3.111.2)
      aws-eventstream (~> 1, >= 1.0.2)
      aws-partitions (~> 1, >= 1.239.0)
      aws-sigv4 (~> 1.1)
      jmespath (~> 1.0)
    aws-sigv4 (1.2.2)
      aws-eventstream (~> 1, >= 1.0.2)
    connection_pool (2.2.3)
    diff-lcs (1.4.4)
    jmespath (1.4.0)
    nokogiri (1.11.1-x86_64-darwin)
      racc (~> 1.4)
    racc (1.5.2)
    rack (2.2.3)
    rake (12.3.3)
    redis (4.2.5)
    rspec (3.10.0)
      rspec-core (~> 3.10.0)
      rspec-expectations (~> 3.10.0)
      rspec-mocks (~> 3.10.0)
    rspec-core (3.10.1)
      rspec-support (~> 3.10.0)
    rspec-expectations (3.10.1)
      diff-lcs (>= 1.2.0, < 2.0)
      rspec-support (~> 3.10.0)
    rspec-mocks (3.10.1)
      diff-lcs (>= 1.2.0, < 2.0)
      rspec-support (~> 3.10.0)
    rspec-support (3.10.1)
    sidekiq (6.1.3)
      connection_pool (>= 2.2.2)
      rack (~> 2.0)
      redis (>= 4.2.0)
    timecop (0.9.2)

PLATFORMS
  x86_64-darwin-20

DEPENDENCIES
  bundler (~> 2.2, >= 1.16)
  rake (~> 12.3)
  rspec (~> 3.7)
  sidekiq-cloudwatchmetrics!
  timecop (~> 0.9)

BUNDLED WITH
   2.2.3
